GEM
  remote: https://rubygems.org/
  specs:
    minitest (5.11.3)
    rake (12.3.1)

PLATFORMS
  ruby

DEPENDENCIES
  minitest (~> 5.11.3)
  rake (~> 12.3.1)

BUNDLED WITH
   1.16.4
